GEM
  remote: http://rubygems.org/
  specs:
    httparty (0.8.2)
      multi_json
      multi_xml
    multi_json (1.3.2)
    multi_xml (0.4.4)

PLATFORMS
  ruby

DEPENDENCIES
  httparty
