GEM
  remote: http://rubygems.org/
  specs:
    activemodel (3.2.3)
      activesupport (= 3.2.3)
      builder (~> 3.0.0)
    activesupport (3.2.3)
      i18n (~> 0.6)
      multi_json (~> 1.0)
    addressable (2.2.7)
    artii (1.0.3)
    builder (3.0.0)
    chunky_png (1.2.5)
    cocaine (0.2.1)
    htmlentities (4.3.1)
    httparty (0.8.2)
      multi_json
      multi_xml
    i18n (0.6.0)
    json (1.6.6)
    mime-types (1.18)
    multi_json (1.3.2)
    multi_xml (0.4.4)
    nokogiri (1.5.2)
    typhoeus (0.3.3)
      mime-types
    wordnik (4.07)
      activemodel (>= 3.0.3)
      addressable (>= 2.2.4)
      htmlentities (>= 4.2.4)
      json (>= 1.4.6)
      nokogiri (>= 1.4.4)
      typhoeus (>= 0.2.1)

PLATFORMS
  ruby

DEPENDENCIES
  artii
  chunky_png
  cocaine
  httparty
  wordnik
